PATH
  remote: .
  specs:
    rspec_parallel (0.1.8)
      nokogiri (= 1.5.0)
      progressbar (>= 0.11.0)

GEM
  remote: http://rubygems.org/
  specs:
    nokogiri (1.5.0)
    progressbar (0.20.0)
    rake (10.0.4)

PLATFORMS
  ruby

DEPENDENCIES
  rake
  rspec_parallel!
